PATH
  remote: .
  specs:
    kele (0.0.1)
      byebug (~> 9.0, >= 9.0.6)
      httparty (~> 0.13)

GEM
  remote: https://rubygems.org/
  specs:
    byebug (9.0.6)
    httparty (0.15.5)
      multi_xml (>= 0.5.2)
    multi_xml (0.6.0)

PLATFORMS
  ruby

DEPENDENCIES
  kele!

BUNDLED WITH
   1.13.1
